GIT
  remote: git@github.com:opener-project/build-tools.git
  revision: a46735e7872b68b873c7f28f2d1929b39a6dd19c
  specs:
    opener-build-tools (0.2.2)
      rake

PATH
  remote: .
  specs:
    opener-opinion-detector-base (0.1.0)
      opener-build-tools
      rake

GEM
  remote: https://rubygems.org/
  specs:
    builder (3.2.2)
    cucumber (1.3.2)
      builder (>= 2.1.2)
      diff-lcs (>= 1.1.3)
      gherkin (~> 2.12.0)
      multi_json (~> 1.3)
    diff-lcs (1.2.4)
    gherkin (2.12.0)
      multi_json (~> 1.3)
    multi_json (1.7.6)
    rake (10.0.4)
    rspec (2.13.0)
      rspec-core (~> 2.13.0)
      rspec-expectations (~> 2.13.0)
      rspec-mocks (~> 2.13.0)
    rspec-core (2.13.1)
    rspec-expectations (2.13.0)
      diff-lcs (>= 1.1.3, < 2.0)
    rspec-mocks (2.13.1)

PLATFORMS
  ruby

DEPENDENCIES
  cucumber
  opener-build-tools!
  opener-opinion-detector-base!
  rspec
